GEM
  remote: http://rubygems.org/
  specs:
    activemodel (4.2.1)
      activesupport (= 4.2.1)
      builder (~> 3.1)
    activerecord (4.2.1)
      activemodel (= 4.2.1)
      activesupport (= 4.2.1)
      arel (~> 6.0)
    activerecord-jdbc-adapter (1.3.15)
      activerecord (>= 2.2)
    activesupport (4.2.1)
      i18n (~> 0.7)
      json (~> 1.7, >= 1.7.7)
      minitest (~> 5.1)
      thread_safe (~> 0.3, >= 0.3.4)
      tzinfo (~> 1.1)
    arel (6.0.0)
    builder (3.2.2)
    concurrent-ruby (0.8.0)
      ref (~> 1.0, >= 1.0.5)
    concurrent-ruby (0.8.0-java)
    i18n (0.7.0)
    jdbc-mysql (5.1.33)
    json (1.8.2)
    json (1.8.2-java)
    json_pure (1.8.2)
    mail (2.6.3)
      mime-types (>= 1.16, < 3)
    mime-types (2.4.3)
    minitest (5.5.1)
    mysql2 (0.3.18)
    net-ping (1.7.7)
    pony (1.11)
      mail (>= 2.0)
    ref (1.0.5)
    thread_safe (0.3.5)
    thread_safe (0.3.5-java)
    tzinfo (1.2.2)
      thread_safe (~> 0.1)

PLATFORMS
  java
  ruby

DEPENDENCIES
  activerecord
  activerecord-jdbc-adapter
  activesupport
  concurrent-ruby
  jdbc-mysql
  json_pure
  mysql2
  net-ping
  pony
  thread_safe
